GEM
  remote: http://rubygems.org/
  specs:
    RedCloth (4.3.2)
    addressable (2.6.0)
      public_suffix (>= 2.0.2, < 4.0)
    adsf (1.4.1)
      rack (>= 1.0.0, < 3.0.0)
    byebug (11.0.0)
    clipboard (1.3.3)
    coderay (1.1.2)
    colored (1.2)
    concurrent-ruby (1.1.4)
    cri (2.15.3)
      colored (~> 1.2)
    ddmemoize (1.0.0)
      ddmetrics (~> 1.0)
      ref (~> 2.0)
    ddmetrics (1.0.1)
    ddplugin (1.0.2)
    domain_name (0.5.20180417)
      unf (>= 0.0.5, < 1.0.0)
    ffi (1.10.0)
    formatador (0.2.5)
    fssm (0.2.10)
    gist (5.0.0)
    git (1.5.0)
    guard (2.15.0)
      formatador (>= 0.2.4)
      listen (>= 2.7, < 4.0)
      lumberjack (>= 1.0.12, < 2.0)
      nenv (~> 0.1)
      notiffany (~> 0.0)
      pry (>= 0.9.12)
      shellany (~> 0.0)
      thor (>= 0.18.1)
    guard-compat (1.2.1)
    guard-nanoc (2.1.6)
      guard (~> 2.8)
      guard-compat (~> 1.0)
      nanoc (>= 4.3.8, < 5.0)
    hamster (3.0.0)
      concurrent-ruby (~> 1.0)
    http-cookie (1.0.3)
      domain_name (~> 0.5)
    jsbin-client (0.1.1)
      rest-client (>= 1.6)
    json_schema (0.20.3)
    kramdown (2.1.0)
    listen (3.1.5)
      rb-fsevent (~> 0.9, >= 0.9.4)
      rb-inotify (~> 0.9, >= 0.9.7)
      ruby_dep (~> 1.2)
    lumberjack (1.0.13)
    method_source (0.9.2)
    mime-types (3.2.2)
      mime-types-data (~> 3.2015)
    mime-types-data (3.2018.0812)
    nanoc (4.11.2)
      addressable (~> 2.5)
      cri (~> 2.15)
      nanoc-core (= 4.11.2)
      parallel (~> 1.12)
      slow_enumerator_tools (~> 1.0)
      tomlrb (~> 1.2)
    nanoc-core (4.11.2)
      ddmemoize (~> 1.0)
      ddmetrics (~> 1.0)
      ddplugin (~> 1.0)
      hamster (~> 3.0)
      json_schema (~> 0.19)
      zeitwerk (~> 1.0)
    nenv (0.3.0)
    netrc (0.11.0)
    notiffany (0.1.1)
      nenv (~> 0.1)
      shellany (~> 0.0)
    parallel (1.14.0)
    pry (0.12.2)
      coderay (~> 1.1.0)
      method_source (~> 0.9.0)
    pry-byebug (3.7.0)
      byebug (~> 11.0)
      pry (~> 0.10)
    public_suffix (3.0.3)
    rack (2.0.8)
    rake (12.3.3)
    rb-fsevent (0.10.3)
    rb-inotify (0.10.0)
      ffi (~> 1.0)
    ref (2.0.0)
    rest-client (2.0.2)
      http-cookie (>= 1.0.2, < 2.0)
      mime-types (>= 1.16, < 4.0)
      netrc (~> 0.8)
    ruby_dep (1.5.0)
    sass (3.7.3)
      sass-listen (~> 4.0.0)
    sass-listen (4.0.0)
      rb-fsevent (~> 0.9, >= 0.9.4)
      rb-inotify (~> 0.9, >= 0.9.7)
    shellany (0.0.1)
    slow_enumerator_tools (1.1.0)
    thor (0.20.3)
    tomlrb (1.2.8)
    unf (0.1.4)
      unf_ext
    unf_ext (0.0.7.5)
    zeitwerk (1.3.2)

PLATFORMS
  ruby

DEPENDENCIES
  RedCloth
  adsf
  clipboard
  fssm
  gist
  git
  guard-nanoc
  jsbin-client
  kramdown
  listen
  nanoc (~> 4.3)
  pry
  pry-byebug
  rake
  sass

RUBY VERSION
   ruby 2.6.0p0

BUNDLED WITH
   1.17.2
