GEM
  remote: http://rubygems.org/
  specs:
    RedCloth (4.3.2)
    adsf (1.2.1)
      rack (>= 1.0.0)
    byebug (9.0.6)
    clipboard (1.1.1)
    coderay (1.1.1)
    colored (1.2)
    cri (2.10.1)
      colored (~> 1.2)
    domain_name (0.5.20170404)
      unf (>= 0.0.5, < 1.0.0)
    ffi (1.9.18)
    formatador (0.2.5)
    fssm (0.2.10)
    gist (4.6.1)
    git (1.3.0)
    guard (2.14.1)
      formatador (>= 0.2.4)
      listen (>= 2.7, < 4.0)
      lumberjack (~> 1.0)
      nenv (~> 0.1)
      notiffany (~> 0.0)
      pry (>= 0.9.12)
      shellany (~> 0.0)
      thor (>= 0.18.1)
    guard-nanoc (1.0.3)
      guard (~> 2.8)
      nanoc (~> 3.6)
    http-cookie (1.0.3)
      domain_name (~> 0.5)
    jsbin-client (0.1.1)
      rest-client (>= 1.6)
    kramdown (1.14.0)
    listen (3.1.5)
      rb-fsevent (~> 0.9, >= 0.9.4)
      rb-inotify (~> 0.9, >= 0.9.7)
      ruby_dep (~> 1.2)
    lumberjack (1.0.12)
    method_source (0.8.2)
    mime-types (3.1)
      mime-types-data (~> 3.2015)
    mime-types-data (3.2016.0521)
    nanoc (3.7.5)
      cri (~> 2.3)
    nenv (0.3.0)
    netrc (0.11.0)
    notiffany (0.1.1)
      nenv (~> 0.1)
      shellany (~> 0.0)
    pry (0.10.4)
      coderay (~> 1.1.0)
      method_source (~> 0.8.1)
      slop (~> 3.4)
    pry-byebug (3.4.2)
      byebug (~> 9.0)
      pry (~> 0.10)
    rack (2.0.3)
    rake (12.3.0)
    rb-fsevent (0.10.2)
    rb-inotify (0.9.10)
      ffi (>= 0.5.0, < 2)
    rest-client (2.0.2)
      http-cookie (>= 1.0.2, < 2.0)
      mime-types (>= 1.16, < 4.0)
      netrc (~> 0.8)
    ruby_dep (1.5.0)
    sass (3.5.1)
      sass-listen (~> 4.0.0)
    sass-listen (4.0.0)
      rb-fsevent (~> 0.9, >= 0.9.4)
      rb-inotify (~> 0.9, >= 0.9.7)
    shellany (0.0.1)
    slop (3.6.0)
    thor (0.19.4)
    unf (0.1.4)
      unf_ext
    unf_ext (0.0.7.4)

PLATFORMS
  ruby

DEPENDENCIES
  RedCloth
  adsf
  clipboard
  fssm
  gist
  git
  guard-nanoc
  jsbin-client
  kramdown
  listen
  nanoc (~> 3.7.5)
  pry
  pry-byebug
  rake
  sass

RUBY VERSION
   ruby 2.4.1p111

BUNDLED WITH
   1.16.0
